GEM
  remote: https://rubygems.org/
  specs:
    actioncable (5.0.2)
      actionpack (= 5.0.2)
      nio4r (>= 1.2, < 3.0)
      websocket-driver (~> 0.6.1)
    actionmailer (5.0.2)
      actionpack (= 5.0.2)
      actionview (= 5.0.2)
      activejob (= 5.0.2)
      mail (~> 2.5, >= 2.5.4)
      rails-dom-testing (~> 2.0)
    actionpack (5.0.2)
      actionview (= 5.0.2)
      activesupport (= 5.0.2)
      rack (~> 2.0)
      rack-test (~> 0.6.3)
      rails-dom-testing (~> 2.0)
      rails-html-sanitizer (~> 1.0, >= 1.0.2)
    actionview (5.0.2)
      activesupport (= 5.0.2)
      builder (~> 3.1)
      erubis (~> 2.7.0)
      rails-dom-testing (~> 2.0)
      rails-html-sanitizer (~> 1.0, >= 1.0.3)
    activeadmin (1.0.0)
      arbre (>= 1.1.1)
      bourbon
      coffee-rails
      formtastic (~> 3.1)
      formtastic_i18n
      inherited_resources (~> 1.7)
      jquery-rails
      jquery-ui-rails
      kaminari (>= 0.15, < 2.0)
      railties (>= 4.2, < 5.2)
      ransack (~> 1.3)
      sass-rails
      sprockets (< 4.1)
    activeadmin-xls (2.0.0)
      activeadmin (>= 1.0.0, < 2)
      spreadsheet (~> 1.0)
    activejob (5.0.2)
      activesupport (= 5.0.2)
      globalid (>= 0.3.6)
    activemodel (5.0.2)
      activesupport (= 5.0.2)
    activerecord (5.0.2)
      activemodel (= 5.0.2)
      activesupport (= 5.0.2)
      arel (~> 7.0)
    activesupport (5.0.2)
      concurrent-ruby (~> 1.0, >= 1.0.2)
      i18n (~> 0.7)
      minitest (~> 5.1)
      tzinfo (~> 1.1)
    airbrussh (1.1.2)
      sshkit (>= 1.6.1, != 1.7.0)
    annotate (2.7.4)
      activerecord (>= 3.2, < 6.0)
      rake (>= 10.4, < 13.0)
    arbre (1.1.1)
      activesupport (>= 3.0.0)
    arel (7.1.4)
    autoprefixer-rails (7.1.4.1)
      execjs
    bcrypt (3.1.12)
    better_errors (2.5.0)
      coderay (>= 1.0.0)
      erubi (>= 1.0.0)
      rack (>= 0.9.0)
    bootstrap-daterangepicker-rails (0.1.5)
      railties (>= 4.0, < 5.1)
    bootstrap-sass (3.3.7)
      autoprefixer-rails (>= 5.2.1)
      sass (>= 3.3.4)
    bourbon (5.1.0)
      sass (~> 3.4)
      thor (~> 0.19)
    builder (3.2.3)
    byebug (9.0.6)
    capistrano (3.7.2)
      airbrussh (>= 1.0.0)
      capistrano-harrow
      i18n
      rake (>= 10.0.0)
      sshkit (>= 1.9.0)
    capistrano-bundler (1.2.0)
      capistrano (~> 3.1)
      sshkit (~> 1.2)
    capistrano-harrow (0.5.3)
    capistrano-rails (1.2.2)
      capistrano (~> 3.1)
      capistrano-bundler (~> 1.1)
    capistrano-rvm (0.1.2)
      capistrano (~> 3.0)
      sshkit (~> 1.2)
    chart-js-rails (0.1.4)
      railties (> 3.1)
    chartkick (1.4.2)
    coderay (1.1.2)
    coffee-rails (4.2.1)
      coffee-script (>= 2.2.0)
      railties (>= 4.0.0, < 5.2.x)
    coffee-script (2.4.1)
      coffee-script-source
      execjs
    coffee-script-source (1.12.2)
    concurrent-ruby (1.0.5)
    debug_inspector (0.0.2)
    devise (4.5.0)
      bcrypt (~> 3.0)
      orm_adapter (~> 0.1)
      railties (>= 4.1.0, < 6.0)
      responders
      warden (~> 1.2.3)
    erubi (1.7.1)
    erubis (2.7.0)
    execjs (2.7.0)
    fastclick-rails (1.0.1)
    ffi (1.9.17)
    flot-rails (0.0.7)
      jquery-rails
    font-awesome-sass (4.7.0)
      sass (>= 3.2)
    formadmin (0.2.1)
      activeadmin
    formtastic (3.1.5)
      actionpack (>= 3.2.13)
    formtastic_i18n (0.6.0)
    gentelella-rails (0.1.8)
      bootstrap-daterangepicker-rails
      bootstrap-sass (~> 3.3.6)
      chart-js-rails
      fastclick-rails
      flot-rails
      font-awesome-sass (~> 4.7.0)
      icheck-rails
      jquery-rails
      momentjs-rails
      nprogress-rails
      parsley-rails
      railties (>= 4.0)
      sass-rails (>= 5.0)
      select2-rails
      switchery-rails
    globalid (0.3.7)
      activesupport (>= 4.1.0)
    has_scope (0.7.2)
      actionpack (>= 4.1)
      activesupport (>= 4.1)
    i18n (0.8.1)
    icheck-rails (1.0.2.2)
      jquery-rails
      rails (>= 3.1.0)
      sass-rails
    inherited_resources (1.9.0)
      actionpack (>= 4.2, < 5.3)
      has_scope (~> 0.6)
      railties (>= 4.2, < 5.3)
      responders
    jbuilder (2.6.1)
      activesupport (>= 3.0.0, < 5.1)
      multi_json (~> 1.2)
    jquery-rails (4.3.1)
      rails-dom-testing (>= 1, < 3)
      railties (>= 4.2.0)
      thor (>= 0.14, < 2.0)
    jquery-ui-rails (6.0.1)
      railties (>= 3.2.16)
    kaminari (1.1.1)
      activesupport (>= 4.1.0)
      kaminari-actionview (= 1.1.1)
      kaminari-activerecord (= 1.1.1)
      kaminari-core (= 1.1.1)
    kaminari-actionview (1.1.1)
      actionview
      kaminari-core (= 1.1.1)
    kaminari-activerecord (1.1.1)
      activerecord
      kaminari-core (= 1.1.1)
    kaminari-core (1.1.1)
    listen (3.0.8)
      rb-fsevent (~> 0.9, >= 0.9.4)
      rb-inotify (~> 0.9, >= 0.9.7)
    loofah (2.0.3)
      nokogiri (>= 1.5.9)
    mail (2.6.4)
      mime-types (>= 1.16, < 4)
    method_source (0.8.2)
    mime-types (3.1)
      mime-types-data (~> 3.2015)
    mime-types-data (3.2016.0521)
    mini_portile2 (2.1.0)
    minitest (5.10.1)
    modernizr-rails (2.7.1)
    momentjs-rails (2.17.1)
      railties (>= 3.1)
    multi_json (1.12.1)
    net-scp (1.2.1)
      net-ssh (>= 2.6.5)
    net-ssh (4.0.1)
    nio4r (2.0.0)
    nokogiri (1.7.1)
      mini_portile2 (~> 2.1.0)
    nprogress-rails (0.2.0.2)
    orm_adapter (0.5.0)
    parsley-rails (2.7.0.0)
      railties (>= 3.0.0)
    phony (2.16.5)
    phony_rails (0.14.7)
      activesupport (>= 3.0)
      phony (> 2.15)
    pry (0.11.0)
      coderay (~> 1.1.0)
      method_source (~> 0.8.1)
    pry-rails (0.3.6)
      pry (>= 0.10.4)
    puma (3.7.0)
    rack (2.0.1)
    rack-test (0.6.3)
      rack (>= 1.0)
    rails (5.0.2)
      actioncable (= 5.0.2)
      actionmailer (= 5.0.2)
      actionpack (= 5.0.2)
      actionview (= 5.0.2)
      activejob (= 5.0.2)
      activemodel (= 5.0.2)
      activerecord (= 5.0.2)
      activesupport (= 5.0.2)
      bundler (>= 1.3.0, < 2.0)
      railties (= 5.0.2)
      sprockets-rails (>= 2.0.0)
    rails-dom-testing (2.0.2)
      activesupport (>= 4.2.0, < 6.0)
      nokogiri (~> 1.6)
    rails-html-sanitizer (1.0.3)
      loofah (~> 2.0)
    railties (5.0.2)
      actionpack (= 5.0.2)
      activesupport (= 5.0.2)
      method_source
      rake (>= 0.8.7)
      thor (>= 0.18.1, < 2.0)
    rake (12.0.0)
    ransack (1.8.9)
      actionpack (>= 3.0, <= 5.1.1)
      activerecord (>= 3.0, <= 5.1.1)
      activesupport (>= 3.0, <= 5.1.1)
      i18n
    rb-fsevent (0.9.8)
    rb-inotify (0.9.8)
      ffi (>= 0.5.0)
    rename (1.0.6)
      activesupport
      rails (>= 3.0.0)
      thor (>= 0.19.1)
    responders (2.4.0)
      actionpack (>= 4.2.0, < 5.3)
      railties (>= 4.2.0, < 5.3)
    ruby-ole (1.2.12.1)
    sass (3.4.23)
    sass-rails (5.0.6)
      railties (>= 4.0.0, < 6)
      sass (~> 3.1)
      sprockets (>= 2.8, < 4.0)
      sprockets-rails (>= 2.0, < 4.0)
      tilt (>= 1.1, < 3)
    select2-rails (4.0.3)
      thor (~> 0.14)
    spreadsheet (1.1.8)
      ruby-ole (>= 1.0)
    spring (2.0.1)
      activesupport (>= 4.2)
    spring-watcher-listen (2.0.1)
      listen (>= 2.7, < 4.0)
      spring (>= 1.2, < 3.0)
    sprockets (3.7.1)
      concurrent-ruby (~> 1.0)
      rack (> 1, < 3)
    sprockets-rails (3.2.0)
      actionpack (>= 4.0)
      activesupport (>= 4.0)
      sprockets (>= 3.0.0)
    sqlite3 (1.3.13)
    sshkit (1.11.5)
      net-scp (>= 1.1.2)
      net-ssh (>= 2.8.0)
    switchery-rails (0.8.1.1)
      railties (>= 3.2, < 6.0)
    thor (0.19.4)
    thread_safe (0.3.6)
    tilt (2.0.7)
    tzinfo (1.2.3)
      thread_safe (~> 0.1)
    uglifier (3.0.4)
      execjs (>= 0.3.0, < 3)
    warden (1.2.7)
      rack (>= 1.0)
    web-console (3.4.0)
      actionview (>= 5.0)
      activemodel (>= 5.0)
      debug_inspector
      railties (>= 5.0)
    websocket-driver (0.6.5)
      websocket-extensions (>= 0.1.0)
    websocket-extensions (0.1.2)

PLATFORMS
  ruby

DEPENDENCIES
  activeadmin (~> 1.0.0.pre5)
  activeadmin-xls (~> 2.0.0)
  annotate
  better_errors
  byebug
  capistrano
  capistrano-rails
  capistrano-rvm
  chartkick
  coffee-rails (~> 4.2)
  devise
  formadmin
  gentelella-rails
  inherited_resources (~> 1.7)
  jbuilder (~> 2.5)
  jquery-rails
  listen (~> 3.0.5)
  modernizr-rails
  phony_rails
  pry-rails
  puma (~> 3.0)
  rails (~> 5.0.2)
  rename
  sass-rails (~> 5.0)
  spring
  spring-watcher-listen (~> 2.0.0)
  sqlite3
  uglifier (>= 1.3.0)
  web-console

BUNDLED WITH
   1.16.0.pre.2
